GEM
  remote: https://rubygems.org/
  specs:
    mini_portile (0.5.2)
    nokogiri (1.6.0)
      mini_portile (~> 0.5.0)
    signer (1.1.1)
      nokogiri (>= 1.5.1)

PLATFORMS
  ruby

DEPENDENCIES
  signer
